GEM
  remote: http://rubygems.org/
  specs:
    asdf (0.5.0)
      rack (~> 1.2.1)
    compass (0.10.6)
      haml (>= 3.0.4)
    cri (1.0.1)
    haml (3.0.25)
    mime-types (1.16)
    nanoc3 (3.1.6)
      cri (>= 1.0.0)
    rack (1.2.1)
    rake (0.8.7)

PLATFORMS
  ruby

DEPENDENCIES
  asdf
  compass
  haml
  mime-types
  nanoc3 (>= 3.1.0)
  rack
  rake
